PATH
  remote: .
  specs:
    imagetools (0.8.0)
      rmagick

GEM
  remote: https://rubygems.org/
  specs:
    minitest (5.11.3)
    rake (10.5.0)
    rmagick (3.1.0)

PLATFORMS
  ruby

DEPENDENCIES
  bundler (~> 2.0)
  imagetools!
  minitest (~> 5.0)
  rake (~> 10.0)

BUNDLED WITH
   2.0.1
