PATH
  remote: .
  specs:
    imagetools (1.8.1)
      rmagick

GEM
  remote: https://rubygems.org/
  specs:
    minitest (5.20.0)
    pkg-config (1.5.6)
    rake (13.1.0)
    rmagick (5.3.0)
      pkg-config (~> 1.4)

PLATFORMS
  ruby

DEPENDENCIES
  bundler (~> 2.0)
  imagetools!
  minitest (~> 5.0)
  rake (~> 13.0)

BUNDLED WITH
   2.4.20
