PATH
  remote: .
  specs:
    imagetools (1.4.0)
      rmagick (= 3.2.0)

GEM
  remote: https://rubygems.org/
  specs:
    minitest (5.15.0)
    rake (13.0.6)
    rmagick (3.2.0)

PLATFORMS
  ruby

DEPENDENCIES
  bundler (~> 2.0)
  imagetools!
  minitest (~> 5.0)
  rake (~> 13.0)

BUNDLED WITH
   2.1.4
