PATH
  remote: .
  specs:
    imagetools (1.8.0)
      rmagick

GEM
  remote: https://rubygems.org/
  specs:
    minitest (5.18.0)
    pkg-config (1.5.1)
    rake (13.0.6)
    rmagick (5.2.0)
      pkg-config (~> 1.4)

PLATFORMS
  ruby

DEPENDENCIES
  bundler (~> 2.0)
  imagetools!
  minitest (~> 5.0)
  rake (~> 13.0)

BUNDLED WITH
   2.4.9
