PATH
  remote: .
  specs:
    imagetools (1.5.1)
      rmagick

GEM
  remote: https://rubygems.org/
  specs:
    minitest (5.15.0)
    rake (13.0.6)
    rmagick (4.2.4)

PLATFORMS
  ruby

DEPENDENCIES
  bundler (~> 2.0)
  imagetools!
  minitest (~> 5.0)
  rake (~> 13.0)

BUNDLED WITH
   2.3.8
