PATH
  remote: .
  specs:
    imagetools (1.6.1)
      rmagick

GEM
  remote: https://rubygems.org/
  specs:
    minitest (5.16.3)
    pkg-config (1.5.1)
    rake (13.0.6)
    rmagick (5.1.0)
      pkg-config (~> 1.4)

PLATFORMS
  ruby

DEPENDENCIES
  bundler (~> 2.0)
  imagetools!
  minitest (~> 5.0)
  rake (~> 13.0)

BUNDLED WITH
   2.3.19
